PATH
  remote: .
  specs:
    dldinternet-mixlib-thor-nocommands (0.4.2)
      awesome_print
      colorize (>= 0.8.1, < 0.9)
      dldinternet-mixlib-logging (~> 0.5)
      inifile
      thor (~> 0.19, >= 0)

GEM
  remote: https://rubygems.org/
  specs:
    awesome_print (1.7.0)
    builder (3.2.2)
    colorize (0.8.1)
    cucumber (0.10.7)
      builder (>= 2.1.2)
      diff-lcs (>= 1.1.2)
      gherkin (~> 2.4.0)
      json (>= 1.4.6)
      term-ansicolor (>= 1.0.5)
    diff-lcs (1.2.5)
    dldinternet-mixlib-logging (0.5.1)
      logging (~> 2.0, >= 2.0.0)
    gherkin (2.4.21)
      json (>= 1.4.6)
    inifile (3.0.0)
    json (2.0.2)
    little-plugger (1.1.4)
    logging (2.1.0)
      little-plugger (~> 1.1)
      multi_json (~> 1.10)
    multi_json (1.12.1)
    rake (10.5.0)
    rubygems-tasks (0.2.4)
    term-ansicolor (1.3.2)
      tins (~> 1.0)
    thor (0.19.1)
    tins (1.12.0)

PLATFORMS
  ruby

DEPENDENCIES
  bundler (~> 1.0)
  cucumber (~> 0.10.2)
  dldinternet-mixlib-thor-nocommands!
  rake (~> 10)
  rubygems-tasks (~> 0.2)

BUNDLED WITH
   1.12.5
