PATH
  remote: .
  specs:
    dldinternet-mixlib-thor-nocommands (0.3.1)
      awesome_print
      colorize
      dldinternet-mixlib-logging (~> 0.4)
      inifile
      thor (~> 0.19, >= 0)

GEM
  remote: https://rubygems.org/
  specs:
    awesome_print (1.6.1)
    builder (3.2.2)
    colorize (0.7.7)
    cucumber (0.10.7)
      builder (>= 2.1.2)
      diff-lcs (>= 1.1.2)
      gherkin (~> 2.4.0)
      json (>= 1.4.6)
      term-ansicolor (>= 1.0.5)
    diff-lcs (1.2.5)
    dldinternet-mixlib-logging (0.4.3)
      logging (~> 1.8, >= 1.8.2)
    gherkin (2.4.21)
      json (>= 1.4.6)
    inifile (3.0.0)
    json (1.8.3)
    little-plugger (1.1.4)
    logging (1.8.2)
      little-plugger (>= 1.1.3)
      multi_json (>= 1.8.4)
    multi_json (1.11.2)
    rake (10.5.0)
    rubygems-tasks (0.2.4)
    term-ansicolor (1.3.2)
      tins (~> 1.0)
    thor (0.19.1)
    tins (1.8.2)

PLATFORMS
  ruby

DEPENDENCIES
  bundler (~> 1.0)
  cucumber (~> 0.10.2)
  dldinternet-mixlib-thor-nocommands!
  rake (~> 10)
  rubygems-tasks (~> 0.2)

BUNDLED WITH
   1.11.2
